GEM
  remote: https://rubygems.org/
  specs:
    addressable (2.8.7)
      public_suffix (>= 2.0.2, < 7.0)
    adsf (1.5.2)
      rack (>= 1.0.0, < 4.0.0)
      rackup (~> 2.1)
    adsf-live (1.5.2)
      adsf (~> 1.3)
      em-websocket (~> 0.5)
      eventmachine (~> 1.2)
      listen (~> 3.0)
    async (2.34.0)
      console (~> 1.29)
      fiber-annotation
      io-event (~> 1.11)
      metrics (~> 0.12)
      traces (~> 0.18)
    async-container (0.27.0)
      async (~> 2.22)
    async-container-supervisor (0.5.2)
      async-container (~> 0.22)
      async-service
      io-endpoint
      io-stream
      memory-leak (~> 0.5)
    async-http (0.91.0)
      async (>= 2.10.2)
      async-pool (~> 0.11)
      io-endpoint (~> 0.14)
      io-stream (~> 0.6)
      metrics (~> 0.12)
      protocol-http (~> 0.49)
      protocol-http1 (~> 0.30)
      protocol-http2 (~> 0.22)
      traces (~> 0.10)
    async-http-cache (0.4.6)
      async-http (~> 0.56)
    async-pool (0.11.0)
      async (>= 2.0)
    async-service (0.14.4)
      async
      async-container (~> 0.16)
      string-format (~> 0.2)
    base64 (0.3.0)
    bigdecimal (3.3.1)
    builder (3.3.0)
    coderay (1.1.3)
    concurrent-ruby (1.3.5)
    console (1.34.0)
      fiber-annotation
      fiber-local (~> 1.1)
      json
    cri (2.15.12)
    ddmetrics (1.1.0)
    ddplugin (1.0.3)
    diff-lcs (1.6.2)
    em-websocket (0.5.3)
      eventmachine (>= 0.12.9)
      http_parser.rb (~> 0)
    erubi (1.13.1)
    eventmachine (1.2.7)
    falcon (0.52.3)
      async
      async-container (~> 0.20)
      async-container-supervisor (~> 0.5.0)
      async-http (~> 0.75)
      async-http-cache (~> 0.4)
      async-service (~> 0.10)
      bundler
      localhost (~> 1.1)
      openssl (~> 3.0)
      protocol-http (~> 0.31)
      protocol-rack (~> 0.7)
      samovar (~> 2.3)
    ffi (1.17.2-x86_64-linux-gnu)
    fiber-annotation (0.2.0)
    fiber-local (1.1.0)
      fiber-storage
    fiber-storage (1.0.1)
    google-protobuf (4.32.1-x86_64-linux-gnu)
      bigdecimal
      rake (>= 13)
    http_parser.rb (0.8.0)
    immutable-ruby (0.2.0)
      concurrent-ruby (~> 1.1)
      sorted_set (~> 1.0)
    io-endpoint (0.15.2)
    io-event (1.14.0)
    io-stream (0.10.0)
    json (2.15.1)
    json_schema (0.21.0)
    kramdown (2.5.1)
      rexml (>= 3.3.9)
    listen (3.9.0)
      rb-fsevent (~> 0.10, >= 0.10.3)
      rb-inotify (~> 0.9, >= 0.9.10)
    localhost (1.6.0)
    logger (1.7.0)
    mapping (1.1.3)
    memo_wise (1.13.0)
    memory-leak (0.5.2)
    method_source (1.1.0)
    metrics (0.15.0)
    mini_portile2 (2.8.9)
    nanoc (4.13.5)
      addressable (~> 2.5)
      nanoc-checking (~> 1.0, >= 1.0.2)
      nanoc-cli (= 4.13.5)
      nanoc-core (= 4.13.5)
      nanoc-deploying (~> 1.0)
      parallel (~> 1.12)
      tty-command (~> 0.8)
      tty-which (~> 0.4)
    nanoc-checking (1.0.6)
      nanoc-cli (~> 4.12, >= 4.12.5)
      nanoc-core (~> 4.12, >= 4.12.5)
    nanoc-cli (4.13.5)
      cri (~> 2.15)
      diff-lcs (~> 1.3)
      logger (~> 1.6)
      nanoc-core (= 4.13.5)
      pry
      zeitwerk (~> 2.1)
    nanoc-core (4.13.5)
      base64 (~> 0.2)
      concurrent-ruby (~> 1.1)
      ddmetrics (~> 1.0)
      ddplugin (~> 1.0)
      immutable-ruby (~> 0.1)
      json_schema (~> 0.19)
      memo_wise (~> 1.5)
      slow_enumerator_tools (~> 1.0)
      tty-platform (~> 0.2)
      zeitwerk (~> 2.1)
    nanoc-dart-sass (1.0.4)
      nanoc-core (~> 4.13, >= 4.13.1)
      sass-embedded (~> 1.56)
    nanoc-deploying (1.0.2)
      nanoc-checking (~> 1.0)
      nanoc-cli (~> 4.11, >= 4.11.15)
      nanoc-core (~> 4.11, >= 4.11.15)
    nanoc-external (1.0.5)
      nanoc-core (~> 4.11, >= 4.11.14)
    nanoc-live (1.1.0)
      adsf-live (~> 1.4)
      listen (~> 3.0)
      nanoc-cli (~> 4.11, >= 4.11.14)
      nanoc-core (~> 4.11, >= 4.11.14)
    nokogiri (1.18.10)
      mini_portile2 (~> 2.8.2)
      racc (~> 1.4)
    openssl (3.3.1)
    parallel (1.27.0)
    pastel (0.8.0)
      tty-color (~> 0.5)
    protocol-hpack (1.5.1)
    protocol-http (0.54.0)
    protocol-http1 (0.35.2)
      protocol-http (~> 0.22)
    protocol-http2 (0.23.0)
      protocol-hpack (~> 1.4)
      protocol-http (~> 0.47)
    protocol-rack (0.16.0)
      io-stream (>= 0.10)
      protocol-http (~> 0.43)
      rack (>= 1.0)
    pry (0.15.2)
      coderay (~> 1.1)
      method_source (~> 1.0)
    public_suffix (6.0.2)
    racc (1.8.1)
    rack (3.2.3)
    rackup (2.2.1)
      rack (>= 3)
    rake (13.3.0)
    rb-fsevent (0.11.2)
    rb-inotify (0.11.1)
      ffi (~> 1.0)
    rbtree (0.4.6)
    rexml (3.4.4)
    rouge (4.6.1)
    ruby-xxHash (0.4.0.2)
    rubypants (0.7.1)
    samovar (2.4.1)
      console (~> 1.0)
      mapping (~> 1.0)
    sass-embedded (1.93.2-x86_64-linux-gnu)
      google-protobuf (~> 4.31)
    set (1.1.2)
    slim (5.2.1)
      temple (~> 0.10.0)
      tilt (>= 2.1.0)
    slow_enumerator_tools (1.1.0)
    sorted_set (1.0.3)
      rbtree
      set (~> 1.0)
    string-format (0.2.0)
    temple (0.10.4)
    tilt (2.6.1)
    traces (0.18.2)
    tty-color (0.6.0)
    tty-command (0.10.1)
      pastel (~> 0.8)
    tty-platform (0.3.0)
    tty-which (0.5.0)
    typogruby (1.0.18)
      rubypants
    w3c_validators (1.3.7)
      json (>= 1.8)
      nokogiri (~> 1.6)
      rexml (~> 3.2)
    zeitwerk (2.7.3)

PLATFORMS
  x86_64-linux

DEPENDENCIES
  builder
  erubi
  falcon
  kramdown
  nanoc (~> 4.13)
  nanoc-dart-sass
  nanoc-external
  nanoc-live
  nokogiri
  rouge
  ruby-xxHash
  slim
  typogruby
  w3c_validators

RUBY VERSION
   ruby 3.4.4p34

BUNDLED WITH
   2.6.9
